PATH
  remote: .
  specs:
    rack-teapot (0.1.0)
      rack (~> 2.2.3)

GEM
  remote: https://rubygems.org/
  specs:
    diff-lcs (1.4.4)
    rack (2.2.3)
    rspec (3.9.0)
      rspec-core (~> 3.9.0)
      rspec-expectations (~> 3.9.0)
      rspec-mocks (~> 3.9.0)
    rspec-core (3.9.2)
      rspec-support (~> 3.9.3)
    rspec-expectations (3.9.2)
      diff-lcs (>= 1.2.0, < 2.0)
      rspec-support (~> 3.9.0)
    rspec-mocks (3.9.1)
      diff-lcs (>= 1.2.0, < 2.0)
      rspec-support (~> 3.9.0)
    rspec-support (3.9.3)
    webrick (1.6.0)

PLATFORMS
  ruby

DEPENDENCIES
  rack-teapot!
  rspec (~> 3.9.0)
  webrick (~> 1.6.0)

BUNDLED WITH
   2.1.4
