PATH
  remote: .
  specs:
    rack-teapot (0.1.0)
      rack (>= 2.2.3, < 3.1.0)

GEM
  remote: https://rubygems.org/
  specs:
    rack (3.0.7)
    webrick (1.6.0)

PLATFORMS
  ruby

DEPENDENCIES
  rack-teapot!
  webrick (~> 1.6.0)

BUNDLED WITH
   2.1.4
